GEM
  remote: http://rubygems.org/
  specs:
    ffi (1.0.11)
    ffi-portaudio (0.1.2)
      ffi

PLATFORMS
  ruby

DEPENDENCIES
  ffi-portaudio
